GEM
  remote: https://rubygems.org/
  specs:
    stripe (5.35.0)

PLATFORMS
  ruby

DEPENDENCIES
  stripe

BUNDLED WITH
   2.1.4
